FRAMEWORK: NET46
NUGET
  remote: https://www.nuget.org/api/v2
  specs:
    Aether (6.0)
    Arachne.Core (1.0.7)
      FParsec (>= 1.0.1)
      FSharp.Core (>= 3.1.2.1)
    Arachne.Http (1.0.7)
      Arachne.Core (>= 1.0.7)
      Arachne.Language (>= 1.0.7)
      Arachne.Uri (>= 1.0.7)
      FParsec (>= 1.0.1)
      FSharp.Core (>= 3.1.2.1)
    Arachne.Http.Cors (1.0.7)
      Arachne.Core (>= 1.0.7)
      Arachne.Http (>= 1.0.7)
      Arachne.Uri (>= 1.0.7)
      FParsec (>= 1.0.1)
      FSharp.Core (>= 3.1.2.1)
    Arachne.Language (1.0.7)
      Arachne.Core (>= 1.0.7)
      FParsec (>= 1.0.1)
      FSharp.Core (>= 3.1.2.1)
    Arachne.Uri (1.0.7)
      Arachne.Core (>= 1.0.7)
      FParsec (>= 1.0.1)
      FSharp.Core (>= 3.1.2.1)
    Arachne.Uri.Template (1.0.7)
      Arachne.Core (>= 1.0.7)
      Arachne.Uri (>= 1.0.7)
      FParsec (>= 1.0.1)
      FSharp.Core (>= 3.1.2.1)
    Chiron (4.1.0)
      Aether (>= 6.0.0)
      FParsec (>= 1.0.1)
      FSharp.Core (>= 3.1.2.1)
    FAKE (4.17.1)
    FParsec (1.0.1)
    Freya (1.0.185)
      Freya.Core (>= 1.0.185)
      Freya.Lenses.Http (>= 1.0.185)
      Freya.Lenses.Http.Cors (>= 1.0.185)
      Freya.Machine (>= 1.0.185)
      Freya.Machine.Extensions.Http (>= 1.0.185)
      Freya.Machine.Extensions.Http.Cors (>= 1.0.185)
      Freya.Machine.Router (>= 1.0.185)
      Freya.Recorder (>= 1.0.185)
      Freya.Router (>= 1.0.185)
    Freya.Core (1.0.185)
      Aether (>= 6.0.0)
      FSharp.Core (>= 3.1.2.1)
    Freya.Lenses.Http (1.0.185)
      Aether (>= 6.0.0)
      Arachne.Http (>= 1.0.7)
      Freya.Core (>= 1.0.185)
      FSharp.Core (>= 3.1.2.1)
    Freya.Lenses.Http.Cors (1.0.185)
      Aether (>= 6.0.0)
      Arachne.Http.Cors (>= 1.0.7)
      Freya.Core (>= 1.0.185)
      Freya.Lenses.Http (>= 1.0.185)
      FSharp.Core (>= 3.1.2.1)
    Freya.Machine (1.0.185)
      Aether (>= 6.0.0)
      Chiron (>= 4.0.0)
      Freya.Core (>= 1.0.185)
      Freya.Recorder (>= 1.0.185)
      FSharp.Core (>= 3.1.2.1)
      Hekate (>= 1.0.0)
    Freya.Machine.Extensions.Http (1.0.185)
      Aether (>= 6.0.0)
      Arachne.Http (>= 1.0.7)
      Freya.Core (>= 1.0.185)
      Freya.Lenses.Http (>= 1.0.185)
      Freya.Machine (>= 1.0.185)
      FSharp.Core (>= 3.1.2.1)
    Freya.Machine.Extensions.Http.Cors (1.0.185)
      Aether (>= 6.0.0)
      Arachne.Http.Cors (>= 1.0.7)
      Freya.Core (>= 1.0.185)
      Freya.Lenses.Http (>= 1.0.185)
      Freya.Lenses.Http.Cors (>= 1.0.185)
      Freya.Machine (>= 1.0.185)
      Freya.Machine.Extensions.Http (>= 1.0.185)
      FSharp.Core (>= 3.1.2.1)
    Freya.Machine.Router (1.0.185)
      Freya.Core (>= 1.0.185)
      Freya.Machine (>= 1.0.185)
      Freya.Router (>= 1.0.185)
      FSharp.Core (>= 3.1.2.1)
    Freya.Recorder (1.0.185)
      Aether (>= 6.0.0)
      Arachne.Core (>= 1.0.7)
      Chiron (>= 4.0.0)
      Freya.Core (>= 1.0.185)
      FSharp.Core (>= 3.1.2.1)
    Freya.Router (1.0.185)
      Aether (>= 6.0.0)
      Arachne.Http (>= 1.0.7)
      Arachne.Uri.Template (>= 1.0.7)
      Chiron (>= 4.0.0)
      Freya.Core (>= 1.0.185)
      Freya.Lenses.Http (>= 1.0.185)
      Freya.Recorder (>= 1.0.185)
      FSharp.Core (>= 3.1.2.1)
      Hekate (>= 1.0.0)
    FSharp.Compiler.Service (1.4.2.3)
    FSharp.Core (4.0.0.1)
    FSharp.Data.SqlClient (1.7.5)
    FSharp.Formatting (2.13.5)
      FSharp.Compiler.Service (>= 1.4.2 < 1.5.0)
      FSharpVSPowerTools.Core (>= 2.2.0 < 2.3.0)
    FSharpVSPowerTools.Core (2.2.0)
      FSharp.Compiler.Service (>= 1.4.2.0)
    FsReveal (1.1.2)
      FSharp.Formatting (>= 2.11.0)
    Hekate (1.0.0)
      Aether (>= 6.0.0)
      FSharp.Core (>= 3.1.2.1)
    Microsoft.Owin (3.0.1)
      Owin (>= 1.0)
    Microsoft.Owin.Host.HttpListener (3.0.1)
    Microsoft.Owin.Hosting (3.0.1)
      Microsoft.Owin (>= 3.0.1)
      Owin (>= 1.0)
    Owin (1.0)
    Suave (1.1.0)
      FSharp.Core (>= 3.1.2.5)
