FRAMEWORK: NET46
NUGET
  remote: https://www.nuget.org/api/v2
  specs:
    Aether (8.1.2)
    Arachne.Core (3.0.0-b104)
      FParsec (>= 1.0.0 < 2.0.0)
    Arachne.Http (3.0.0-b104)
      Arachne.Core (>= 3.0.0-b104)
      Arachne.Language (>= 3.0.0-b104)
      Arachne.Uri (>= 3.0.0-b104)
      FParsec (>= 1.0.0 < 2.0.0)
    Arachne.Http.Cors (3.0.0-b104)
      Arachne.Core (>= 3.0.0-b104)
      Arachne.Http (>= 3.0.0-b104)
      Arachne.Language (>= 3.0.0-b104)
      Arachne.Uri (>= 3.0.0-b104)
      FParsec (>= 1.0.0 < 2.0.0)
    Arachne.Language (3.0.0-b104)
      Arachne.Core (>= 3.0.0-b104)
      FParsec (>= 1.0.0 < 2.0.0)
    Arachne.Uri (3.0.0-b104)
      Arachne.Core (>= 3.0.0-b104)
      FParsec (>= 1.0.0 < 2.0.0)
    Arachne.Uri.Template (3.0.0-b104)
      Arachne.Core (>= 3.0.0-b104)
      Arachne.Uri (>= 3.0.0-b104)
      FParsec (>= 1.0.0 < 2.0.0)
    FAKE (4.17.1)
    FParsec (1.0.2)
    Freya (3.0.0-b290)
      Freya.Core (>= 3.0.0-b290)
      Freya.Lenses.Http (>= 3.0.0-b290)
      Freya.Lenses.Http.Cors (>= 3.0.0-b290)
      Freya.Machine (>= 3.0.0-b290)
      Freya.Machine.Extensions.Http (>= 3.0.0-b290)
      Freya.Machine.Extensions.Http.Cors (>= 3.0.0-b290)
      Freya.Machine.Router (>= 3.0.0-b290)
      Freya.Recorder (>= 3.0.0-b290)
      Freya.Router (>= 3.0.0-b290)
    Freya.Core (3.0.0-b290)
      Aether (>= 8.1.0 < 9.0.0)
    Freya.Lenses.Http (3.0.0-b290)
      Aether (>= 8.1.0 < 9.0.0)
      Arachne.Http (>= 3.0.0-b104)
      Freya.Core (>= 3.0.0-b290)
    Freya.Lenses.Http.Cors (3.0.0-b290)
      Aether (>= 8.1.0 < 9.0.0)
      Arachne.Http.Cors (>= 3.0.0-b104)
      Freya.Core (>= 3.0.0-b290)
      Freya.Lenses.Http (>= 3.0.0-b290)
    Freya.Machine (3.0.0-b290)
      Aether (>= 8.1.0 < 9.0.0)
      Freya.Core (>= 3.0.0-b290)
      Freya.Recorder (>= 3.0.0-b290)
      Hekate (>= 3.0.0 < 4.0.0)
    Freya.Machine.Extensions.Http (3.0.0-b290)
      Aether (>= 8.1.0 < 9.0.0)
      Arachne.Http (>= 3.0.0-b104)
      Arachne.Language (>= 3.0.0-b104)
      Freya.Core (>= 3.0.0-b290)
      Freya.Lenses.Http (>= 3.0.0-b290)
      Freya.Machine (>= 3.0.0-b290)
      Freya.Recorder (>= 3.0.0-b290)
    Freya.Machine.Extensions.Http.Cors (3.0.0-b290)
      Aether (>= 8.1.0 < 9.0.0)
      Arachne.Http.Cors (>= 3.0.0-b104)
      Freya.Core (>= 3.0.0-b290)
      Freya.Lenses.Http (>= 3.0.0-b290)
      Freya.Lenses.Http.Cors (>= 3.0.0-b290)
      Freya.Machine (>= 3.0.0-b290)
      Freya.Machine.Extensions.Http (>= 3.0.0-b290)
      Freya.Recorder (>= 3.0.0-b290)
    Freya.Machine.Router (3.0.0-b290)
      Arachne.Http (>= 3.0.0-b104)
      Arachne.Uri.Template (>= 3.0.0-b104)
      Freya.Core (>= 3.0.0-b290)
      Freya.Lenses.Http (>= 3.0.0-b290)
      Freya.Recorder (>= 3.0.0-b290)
      Freya.Router (>= 3.0.0-b290)
    Freya.Recorder (3.0.0-b290)
      Aether (>= 8.1.0 < 9.0.0)
      Freya.Core (>= 3.0.0-b290)
    Freya.Router (3.0.0-b290)
      Aether (>= 8.1.0 < 9.0.0)
      Arachne.Http (>= 3.0.0-b104)
      Arachne.Uri.Template (>= 3.0.0-b104)
      Freya.Core (>= 3.0.0-b290)
      Freya.Lenses.Http (>= 3.0.0-b290)
      Freya.Recorder (>= 3.0.0-b290)
      Hekate (>= 3.0.0 < 4.0.0)
    FSharp.Compiler.Service (1.4.2.3)
    FSharp.Core (4.0.0.1)
    FSharp.Data.SqlClient (1.7.5)
    FSharp.Formatting (2.13.5)
      FSharp.Compiler.Service (>= 1.4.2 < 1.5.0)
      FSharpVSPowerTools.Core (>= 2.2.0 < 2.3.0)
    FSharpVSPowerTools.Core (2.2.0)
      FSharp.Compiler.Service (>= 1.4.2.0)
    FsReveal (1.1.2)
      FSharp.Formatting (>= 2.11.0)
    Hekate (3.2.0)
      Aether (>= 8.0.2 < 9.0.0)
    Microsoft.Owin (3.0.1)
      Owin (>= 1.0)
    Microsoft.Owin.Host.HttpListener (3.0.1)
    Microsoft.Owin.Hosting (3.0.1)
      Microsoft.Owin (>= 3.0.1)
      Owin (>= 1.0)
    Owin (1.0)
    Suave (1.1.0)
      FSharp.Core (>= 3.1.2.5)
