FRAMEWORK: NET46
NUGET
  remote: https://www.nuget.org/api/v2
  specs:
    Aether (8.0.0-rc2)
    Arachne.Core (2.3.27)
      FParsec
    Arachne.Http (2.3.27)
      Arachne.Core (>= 2.3.27)
      Arachne.Language (>= 2.3.27)
      Arachne.Uri (>= 2.3.27)
      FParsec
    Arachne.Http.Cors (2.3.27)
      Arachne.Core (>= 2.3.27)
      Arachne.Http (>= 2.3.27)
      Arachne.Uri (>= 2.3.27)
      FParsec
    Arachne.Language (2.3.27)
      Arachne.Core (>= 2.3.27)
      FParsec
    Arachne.Uri (2.3.27)
      Arachne.Core (>= 2.3.27)
      FParsec
    Arachne.Uri.Template (2.3.27)
      Arachne.Core (>= 2.3.27)
      Arachne.Uri (>= 2.3.27)
      FParsec
    FAKE (4.17.1)
    FParsec (1.0.2)
    Freya (3.0.0-b246)
      Freya.Core (>= 3.0.0-b246)
      Freya.Lenses.Http (>= 3.0.0-b246)
      Freya.Lenses.Http.Cors (>= 3.0.0-b246)
      Freya.Machine (>= 3.0.0-b246)
      Freya.Machine.Extensions.Http (>= 3.0.0-b246)
      Freya.Machine.Extensions.Http.Cors (>= 3.0.0-b246)
      Freya.Machine.Router (>= 3.0.0-b246)
      Freya.Recorder (>= 3.0.0-b246)
      Freya.Router (>= 3.0.0-b246)
    Freya.Core (3.0.0-b246)
      Aether (8.0.0-rc2)
    Freya.Lenses.Http (3.0.0-b246)
      Aether (8.0.0-rc2)
      Arachne.Http (>= 2.3.25)
      Freya.Core (>= 3.0.0-b246)
    Freya.Lenses.Http.Cors (3.0.0-b246)
      Aether (8.0.0-rc2)
      Arachne.Http.Cors
      Freya.Core (>= 3.0.0-b246)
      Freya.Lenses.Http (>= 3.0.0-b246)
    Freya.Machine (3.0.0-b246)
      Aether (8.0.0-rc2)
      Freya.Core (>= 3.0.0-b246)
      Freya.Recorder (>= 3.0.0-b246)
      Hekate (2.0.0-rc2)
    Freya.Machine.Extensions.Http (3.0.0-b246)
      Aether (8.0.0-rc2)
      Arachne.Http (>= 2.3.25)
      Freya.Core (>= 3.0.0-b246)
      Freya.Lenses.Http (>= 3.0.0-b246)
      Freya.Machine (>= 3.0.0-b246)
    Freya.Machine.Extensions.Http.Cors (3.0.0-b246)
      Aether (8.0.0-rc2)
      Arachne.Http.Cors
      Freya.Core (>= 3.0.0-b246)
      Freya.Lenses.Http (>= 3.0.0-b246)
      Freya.Lenses.Http.Cors (>= 3.0.0-b246)
      Freya.Machine (>= 3.0.0-b246)
      Freya.Machine.Extensions.Http (>= 3.0.0-b246)
    Freya.Machine.Router (3.0.0-b246)
      Arachne.Http (>= 2.3.25)
      Arachne.Uri.Template
      Freya.Core (>= 3.0.0-b246)
      Freya.Router (>= 3.0.0-b246)
    Freya.Recorder (3.0.0-b246)
      Aether (8.0.0-rc2)
      Freya.Core (>= 3.0.0-b246)
    Freya.Router (3.0.0-b246)
      Aether (8.0.0-rc2)
      Arachne.Http (>= 2.3.25)
      Arachne.Uri.Template
      Freya.Core (>= 3.0.0-b246)
      Freya.Lenses.Http (>= 3.0.0-b246)
      Freya.Recorder (>= 3.0.0-b246)
      Hekate (2.0.0-rc2)
    FSharp.Compiler.Service (1.4.2.3)
    FSharp.Core (4.0.0.1)
    FSharp.Data.SqlClient (1.7.5)
    FSharp.Formatting (2.13.5)
      FSharp.Compiler.Service (>= 1.4.2 < 1.5.0)
      FSharpVSPowerTools.Core (>= 2.2.0 < 2.3.0)
    FSharpVSPowerTools.Core (2.2.0)
      FSharp.Compiler.Service (>= 1.4.2.0)
    FsReveal (1.1.2)
      FSharp.Formatting (>= 2.11.0)
    Hekate (2.0.0-rc2)
      Aether (8.0.0-rc2)
    Microsoft.Owin (3.0.1)
      Owin (>= 1.0)
    Microsoft.Owin.Host.HttpListener (3.0.1)
    Microsoft.Owin.Hosting (3.0.1)
      Microsoft.Owin (>= 3.0.1)
      Owin (>= 1.0)
    Owin (1.0)
    Suave (1.1.0)
      FSharp.Core (>= 3.1.2.5)
