NUGET
  remote: https://nuget.org/api/v2
  specs:
    Aether (6.0)
    Arachne.Core (1.0.7)
      FParsec (>= 1.0.1)
      FSharp.Core (>= 3.1.2.1)
    Arachne.Http (1.0.7)
      Arachne.Core (>= 1.0.7)
      Arachne.Language (>= 1.0.7)
      Arachne.Uri (>= 1.0.7)
      FParsec (>= 1.0.1)
      FSharp.Core (>= 3.1.2.1)
    Arachne.Http.Cors (1.0.7)
      Arachne.Core (>= 1.0.7)
      Arachne.Http (>= 1.0.7)
      Arachne.Uri (>= 1.0.7)
      FParsec (>= 1.0.1)
      FSharp.Core (>= 3.1.2.1)
    Arachne.Language (1.0.7)
      Arachne.Core (>= 1.0.7)
      FParsec (>= 1.0.1)
      FSharp.Core (>= 3.1.2.1)
    Arachne.Uri (1.0.7)
      Arachne.Core (>= 1.0.7)
      FParsec (>= 1.0.1)
      FSharp.Core (>= 3.1.2.1)
    Arachne.Uri.Template (1.0.7)
      Arachne.Core (>= 1.0.7)
      Arachne.Uri (>= 1.0.7)
      FParsec (>= 1.0.1)
      FSharp.Core (>= 3.1.2.1)
    Chiron (4.1.0)
      Aether (>= 6.0.0)
      FParsec (>= 1.0.1)
      FSharp.Core (>= 3.1.2.1)
    FAKE (3.31.2)
    FParsec (1.0.1)
    Freya (1.0.185)
      Freya.Core (>= 1.0.185)
      Freya.Lenses.Http (>= 1.0.185)
      Freya.Lenses.Http.Cors (>= 1.0.185)
      Freya.Machine (>= 1.0.185)
      Freya.Machine.Extensions.Http (>= 1.0.185)
      Freya.Machine.Extensions.Http.Cors (>= 1.0.185)
      Freya.Machine.Router (>= 1.0.185)
      Freya.Recorder (>= 1.0.185)
      Freya.Router (>= 1.0.185)
    Freya.Core (1.0.185)
      Aether (>= 6.0.0)
      FSharp.Core (>= 3.1.2.1)
    Freya.Lenses.Http (1.0.185)
      Aether (>= 6.0.0)
      Arachne.Http (>= 1.0.7)
      FSharp.Core (>= 3.1.2.1)
      Freya.Core (>= 1.0.185)
    Freya.Lenses.Http.Cors (1.0.185)
      Aether (>= 6.0.0)
      Arachne.Http.Cors (>= 1.0.7)
      FSharp.Core (>= 3.1.2.1)
      Freya.Core (>= 1.0.185)
      Freya.Lenses.Http (>= 1.0.185)
    Freya.Machine (1.0.185)
      Aether (>= 6.0.0)
      Chiron (>= 4.0.0)
      FSharp.Core (>= 3.1.2.1)
      Freya.Core (>= 1.0.185)
      Freya.Recorder (>= 1.0.185)
      Hekate (>= 1.0.0)
    Freya.Machine.Extensions.Http (1.0.185)
      Aether (>= 6.0.0)
      Arachne.Http (>= 1.0.7)
      FSharp.Core (>= 3.1.2.1)
      Freya.Core (>= 1.0.185)
      Freya.Lenses.Http (>= 1.0.185)
      Freya.Machine (>= 1.0.185)
    Freya.Machine.Extensions.Http.Cors (1.0.185)
      Aether (>= 6.0.0)
      Arachne.Http.Cors (>= 1.0.7)
      FSharp.Core (>= 3.1.2.1)
      Freya.Core (>= 1.0.185)
      Freya.Lenses.Http (>= 1.0.185)
      Freya.Lenses.Http.Cors (>= 1.0.185)
      Freya.Machine (>= 1.0.185)
      Freya.Machine.Extensions.Http (>= 1.0.185)
    Freya.Machine.Router (1.0.185)
      FSharp.Core (>= 3.1.2.1)
      Freya.Core (>= 1.0.185)
      Freya.Machine (>= 1.0.185)
      Freya.Router (>= 1.0.185)
    Freya.Recorder (1.0.185)
      Aether (>= 6.0.0)
      Arachne.Core (>= 1.0.7)
      Chiron (>= 4.0.0)
      FSharp.Core (>= 3.1.2.1)
      Freya.Core (>= 1.0.185)
    Freya.Router (1.0.185)
      Aether (>= 6.0.0)
      Arachne.Http (>= 1.0.7)
      Arachne.Uri.Template (>= 1.0.7)
      Chiron (>= 4.0.0)
      FSharp.Core (>= 3.1.2.1)
      Freya.Core (>= 1.0.185)
      Freya.Lenses.Http (>= 1.0.185)
      Freya.Recorder (>= 1.0.185)
      Hekate (>= 1.0.0)
    FSharp.Compiler.Service (0.0.90)
    FSharp.Core (3.1.2.1)
    FSharp.Data.SqlClient (1.7.5)
    FSharp.Formatting (2.9.10)
      FSharp.Compiler.Service (>= 0.0.87)
      FSharpVSPowerTools.Core (1.8.0)
    FSharpVSPowerTools.Core (1.8.0)
      FSharp.Compiler.Service (>= 0.0.87)
    FsPickler (1.2.13)
    FsReveal (1.0.2)
      FSharp.Formatting (>= 2.7.5)
    Hekate (1.0.0)
      Aether (>= 6.0.0)
      FSharp.Core (>= 3.1.2.1)
    Suave (0.30.0)
      FSharp.Core (>= 3.1.2.1)
      FsPickler (>= 1.2.5)
